PATH
  remote: .
  specs:
    only_blank (0.0.1)
      fast_blank (= 1.0.0)

GEM
  remote: https://rubygems.org/
  specs:
    fast_blank (1.0.0)
    rake (13.0.3)
    ritual (0.4.1)
      rake
      thor
    thor (1.1.0)

PLATFORMS
  x86_64-linux

DEPENDENCIES
  only_blank!
  rake
  ritual (~> 0.4)

BUNDLED WITH
   2.2.3
